GEM
  remote: https://rubygems.org/
  specs:
    rake (13.3.0)

PLATFORMS
  ruby

DEPENDENCIES
  rake (~> 13.3.0)
